NUGET
  remote: https://www.nuget.org/api/v2
  specs:
    Unquote (3.1.0)
